GEM
  remote: https://rubygems.org/
  specs:
    backports (3.6.8)
    coffee-script (2.4.1)
      coffee-script-source
      execjs
    coffee-script-source (1.10.0)
    execjs (2.6.0)
    ffi (1.9.10-x64-mingw32)
    ffi-xattr (0.1.2)
      ffi
    mini_portile2 (2.0.0)
    multi_json (1.11.2)
    nokogiri (1.6.7.2-x64-mingw32)
      mini_portile2 (~> 2.0.0.rc2)
    rack (1.6.4)
    rack-protection (1.5.3)
      rack
    rack-test (0.6.3)
      rack (>= 1.0)
    rack_dav (0.4.1)
      ffi-xattr (~> 0.1)
      nokogiri (~> 1.5)
      rack (~> 1.4)
    sass (3.4.21)
    sinatra (1.4.7)
      rack (~> 1.5)
      rack-protection (~> 1.4)
      tilt (>= 1.3, < 3)
    sinatra-contrib (1.4.6)
      backports (>= 2.0)
      multi_json
      rack-protection
      rack-test
      sinatra (~> 1.4.0)
      tilt (>= 1.3, < 3)
    slim (3.0.6)
      temple (~> 0.7.3)
      tilt (>= 1.3.3, < 2.1)
    temple (0.7.6)
    tilt (2.0.2)

PLATFORMS
  x64-mingw32

DEPENDENCIES
  coffee-script
  rack_dav
  sass
  sinatra
  sinatra-contrib
  slim

BUNDLED WITH
   1.11.2
